GEM
  remote: https://rubygems.org/
  specs:
    actioncable (6.1.1)
      actionpack (= 6.1.1)
      activesupport (= 6.1.1)
      nio4r (~> 2.0)
      websocket-driver (>= 0.6.1)
    actionmailbox (6.1.1)
      actionpack (= 6.1.1)
      activejob (= 6.1.1)
      activerecord (= 6.1.1)
      activestorage (= 6.1.1)
      activesupport (= 6.1.1)
      mail (>= 2.7.1)
    actionmailer (6.1.1)
      actionpack (= 6.1.1)
      actionview (= 6.1.1)
      activejob (= 6.1.1)
      activesupport (= 6.1.1)
      mail (~> 2.5, >= 2.5.4)
      rails-dom-testing (~> 2.0)
    actionpack (6.1.1)
      actionview (= 6.1.1)
      activesupport (= 6.1.1)
      rack (~> 2.0, >= 2.0.9)
      rack-test (>= 0.6.3)
      rails-dom-testing (~> 2.0)
      rails-html-sanitizer (~> 1.0, >= 1.2.0)
    actiontext (6.1.1)
      actionpack (= 6.1.1)
      activerecord (= 6.1.1)
      activestorage (= 6.1.1)
      activesupport (= 6.1.1)
      nokogiri (>= 1.8.5)
    actionview (6.1.1)
      activesupport (= 6.1.1)
      builder (~> 3.1)
      erubi (~> 1.4)
      rails-dom-testing (~> 2.0)
      rails-html-sanitizer (~> 1.1, >= 1.2.0)
    activejob (6.1.1)
      activesupport (= 6.1.1)
      globalid (>= 0.3.6)
    activemodel (6.1.1)
      activesupport (= 6.1.1)
    activerecord (6.1.1)
      activemodel (= 6.1.1)
      activesupport (= 6.1.1)
    activestorage (6.1.1)
      actionpack (= 6.1.1)
      activejob (= 6.1.1)
      activerecord (= 6.1.1)
      activesupport (= 6.1.1)
      marcel (~> 0.3.1)
      mimemagic (~> 0.3.2)
    activesupport (6.1.1)
      concurrent-ruby (~> 1.0, >= 1.0.2)
      i18n (>= 1.6, < 2)
      minitest (>= 5.1)
      tzinfo (~> 2.0)
      zeitwerk (~> 2.3)
    addressable (2.8.0)
      public_suffix (>= 2.0.2, < 5.0)
    ansi (1.5.0)
    autoprefixer-rails (10.2.0.0)
      execjs
    bcrypt (3.1.16)
    bcrypt (3.1.16-java)
    bindex (0.8.1)
    bootsnap (1.5.1)
      msgpack (~> 1.0)
    bootsnap (1.5.1-java)
      msgpack (~> 1.0)
    bootstrap-sass (3.4.1)
      autoprefixer-rails (>= 5.2.1)
      sassc (>= 2.0.0)
    builder (3.2.4)
    byebug (9.0.6)
    capybara (3.35.1)
      addressable
      mini_mime (>= 0.1.3)
      nokogiri (~> 1.8)
      rack (>= 1.6.0)
      rack-test (>= 0.6.3)
      regexp_parser (>= 1.5, < 3.0)
      xpath (~> 3.2)
    childprocess (3.0.0)
    concurrent-ruby (1.1.8)
    crass (1.0.6)
    erubi (1.10.0)
    execjs (2.7.0)
    faker (2.15.1)
      i18n (>= 1.6, < 2)
    ffi (1.14.2)
    ffi (1.14.2-java)
    ffi (1.14.2-x64-mingw32)
    ffi (1.14.2-x86-mingw32)
    globalid (0.4.2)
      activesupport (>= 4.2.0)
    gon (6.4.0)
      actionpack (>= 3.0.20)
      i18n (>= 0.7)
      multi_json
      request_store (>= 1.0)
    i18n (1.8.7)
      concurrent-ruby (~> 1.0)
    image_processing (1.12.1)
      mini_magick (>= 4.9.5, < 5)
      ruby-vips (>= 2.0.17, < 3)
    jbuilder (2.11.2)
      activesupport (>= 5.0.0)
    jquery-rails (4.4.0)
      rails-dom-testing (>= 1, < 3)
      railties (>= 4.2.0)
      thor (>= 0.14, < 2.0)
    jquery-ui-rails (6.0.1)
      railties (>= 3.2.16)
    listen (3.4.1)
      rb-fsevent (~> 0.10, >= 0.10.3)
      rb-inotify (~> 0.9, >= 0.9.10)
    loofah (2.9.0)
      crass (~> 1.0.2)
      nokogiri (>= 1.5.9)
    mail (2.7.1)
      mini_mime (>= 0.1.1)
    marcel (0.3.3)
      mimemagic (~> 0.3.2)
    method_source (1.0.0)
    mimemagic (0.3.5)
    mini_magick (4.11.0)
    mini_mime (1.0.2)
    mini_portile2 (2.5.0)
    minitest (5.14.3)
    minitest-reporters (1.4.3)
      ansi
      builder
      minitest (>= 5.0)
      ruby-progressbar
    msgpack (1.4.1)
    msgpack (1.4.1-java)
    multi_json (1.15.0)
    nio4r (2.5.4)
    nio4r (2.5.4-java)
    nokogiri (1.11.1)
      mini_portile2 (~> 2.5.0)
      racc (~> 1.4)
    nokogiri (1.11.1-java)
      racc (~> 1.4)
    nokogiri (1.11.1-x64-mingw32)
      racc (~> 1.4)
    nokogiri (1.11.1-x86-mingw32)
      racc (~> 1.4)
    pg (1.2.3)
    public_suffix (4.0.6)
    puma (4.3.7)
      nio4r (~> 2.0)
    puma (4.3.7-java)
      nio4r (~> 2.0)
    racc (1.5.2)
    racc (1.5.2-java)
    rack (2.2.3)
    rack-proxy (0.6.5)
      rack
    rack-test (1.1.0)
      rack (>= 1.0, < 3)
    rails (6.1.1)
      actioncable (= 6.1.1)
      actionmailbox (= 6.1.1)
      actionmailer (= 6.1.1)
      actionpack (= 6.1.1)
      actiontext (= 6.1.1)
      actionview (= 6.1.1)
      activejob (= 6.1.1)
      activemodel (= 6.1.1)
      activerecord (= 6.1.1)
      activestorage (= 6.1.1)
      activesupport (= 6.1.1)
      bundler (>= 1.15.0)
      railties (= 6.1.1)
      sprockets-rails (>= 2.0.0)
    rails-controller-testing (1.0.5)
      actionpack (>= 5.0.1.rc1)
      actionview (>= 5.0.1.rc1)
      activesupport (>= 5.0.1.rc1)
    rails-dom-testing (2.0.3)
      activesupport (>= 4.2.0)
      nokogiri (>= 1.6)
    rails-html-sanitizer (1.3.0)
      loofah (~> 2.3)
    railties (6.1.1)
      actionpack (= 6.1.1)
      activesupport (= 6.1.1)
      method_source
      rake (>= 0.8.7)
      thor (~> 1.0)
    rake (13.0.3)
    rb-fsevent (0.10.4)
    rb-inotify (0.10.1)
      ffi (~> 1.0)
    redis (4.2.5)
    regexp_parser (2.0.3)
    request_store (1.5.0)
      rack (>= 1.4)
    roo (2.8.3)
      nokogiri (~> 1)
      rubyzip (>= 1.3.0, < 3.0.0)
    ruby-ole (1.2.12.2)
    ruby-progressbar (1.11.0)
    ruby-vips (2.0.17)
      ffi (~> 1.9)
    ruby_http_client (3.5.2)
    rubyzip (2.3.0)
    sass-rails (6.0.0)
      sassc-rails (~> 2.1, >= 2.1.1)
    sassc (2.4.0)
      ffi (~> 1.9)
    sassc (2.4.0-x64-mingw32)
      ffi (~> 1.9)
    sassc-rails (2.1.2)
      railties (>= 4.0.0)
      sassc (>= 2.0)
      sprockets (> 3.0)
      sprockets-rails
      tilt
    selenium-webdriver (3.142.7)
      childprocess (>= 0.5, < 4.0)
      rubyzip (>= 1.2.2)
    semantic_range (2.3.1)
    sendgrid-ruby (6.3.9)
      ruby_http_client (~> 3.4)
    simple_form (5.0.3)
      actionpack (>= 5.0)
      activemodel (>= 5.0)
    spreadsheet (1.2.7)
      ruby-ole
    spring (2.1.1)
    spring-watcher-listen (2.0.1)
      listen (>= 2.7, < 4.0)
      spring (>= 1.2, < 3.0)
    sprockets (4.0.2)
      concurrent-ruby (~> 1.0)
      rack (> 1, < 3)
    sprockets-rails (3.2.2)
      actionpack (>= 4.0)
      activesupport (>= 4.0)
      sprockets (>= 3.0.0)
    sqlite3 (1.4.2)
    thor (1.1.0)
    tilt (2.0.10)
    turbolinks (5.2.1)
      turbolinks-source (~> 5.2)
    turbolinks-source (5.2.0)
    tzinfo (2.0.4)
      concurrent-ruby (~> 1.0)
    tzinfo-data (1.2021.1)
      tzinfo (>= 1.0.0)
    web-console (3.5.1)
      actionview (>= 5.0)
      activemodel (>= 5.0)
      bindex (>= 0.4.0)
      railties (>= 5.0)
    webdrivers (4.5.0)
      nokogiri (~> 1.6)
      rubyzip (>= 1.3.0)
      selenium-webdriver (>= 3.0, < 4.0)
    webpack (0.4.2)
    webpacker (5.2.1)
      activesupport (>= 5.2)
      rack-proxy (>= 0.6.1)
      railties (>= 5.2)
      semantic_range (>= 2.3.0)
    websocket-driver (0.7.3)
      websocket-extensions (>= 0.1.0)
    websocket-driver (0.7.3-java)
      websocket-extensions (>= 0.1.0)
    websocket-extensions (0.1.5)
    xpath (3.2.0)
      nokogiri (~> 1.8)
    zeitwerk (2.4.2)

PLATFORMS
  java
  ruby
  x64-mingw32
  x86-mingw32
  x86-mswin32

DEPENDENCIES
  bcrypt (~> 3.1.7)
  bootsnap (= 1.5.1)
  bootstrap-sass
  byebug (= 9.0.6)
  capybara (>= 2.15)
  faker
  gon (~> 6.1)
  image_processing (~> 1.2)
  jbuilder (~> 2.7)
  jquery-rails
  jquery-ui-rails
  listen (= 3.4.1)
  minitest (~> 5.8, >= 5.8.4)
  minitest-reporters
  pg (= 1.2.3)
  puma (~> 4.1)
  rails (~> 6.1.1)
  rails-controller-testing
  redis (~> 4.0)
  roo (~> 2.7, >= 2.7.1)
  sass-rails
  selenium-webdriver
  sendgrid-ruby
  simple_form
  spreadsheet (~> 1.2, >= 1.2.7)
  spring (= 2.1.1)
  spring-watcher-listen (= 2.0.1)
  sprockets-rails
  sqlite3 (~> 1.4, >= 1.4.2)
  turbolinks (~> 5)
  tzinfo-data
  web-console (= 3.5.1)
  webdrivers
  webpack
  webpacker (~> 5.2, >= 5.2.1)

RUBY VERSION
   ruby 3.0.0p0

BUNDLED WITH
   2.2.6
